GEM
  remote: http://rubygems.org/
  specs:
    clipboard (0.9.9)
    diff-lcs (1.1.3)
    fast-aes (0.1.1)
    highline (1.6.2)
    rspec (2.6.0)
      rspec-core (~> 2.6.0)
      rspec-expectations (~> 2.6.0)
      rspec-mocks (~> 2.6.0)
    rspec-core (2.6.4)
    rspec-expectations (2.6.0)
      diff-lcs (~> 1.1.2)
    rspec-mocks (2.6.0)
    thor (0.14.6)

PLATFORMS
  ruby

DEPENDENCIES
  clipboard
  fast-aes
  highline
  rspec
  thor
